PATH
  remote: .
  specs:
    currencies (0.4.3)

GEM
  remote: https://rubygems.org/
  specs:
    diff-lcs (1.1.3)
    rake (13.0.1)
    rspec (2.10.0)
      rspec-core (~> 2.10.0)
      rspec-expectations (~> 2.10.0)
      rspec-mocks (~> 2.10.0)
    rspec-core (2.10.0)
    rspec-expectations (2.10.0)
      diff-lcs (~> 1.1.3)
    rspec-mocks (2.10.1)
    yard (0.8.1)

PLATFORMS
  ruby

DEPENDENCIES
  currencies!
  rake
  rspec
  yard
